GEM
  remote: https://rubygems.org/
  specs:
    ethon (0.7.0)
      ffi (>= 1.3.0)
    ffi (1.9.3)
    firebase (0.2.1)
      json
      typhoeus (>= 0.6.1)
    json (1.8.1)
    mini_portile (0.5.3)
    nokogiri (1.6.1)
      mini_portile (~> 0.5.0)
    typhoeus (0.6.8)
      ethon (>= 0.7.0)

PLATFORMS
  ruby

DEPENDENCIES
  firebase
  nokogiri
